{
	"Modality": "MR",
	"MagneticFieldStrength": 7,
	"ImagingFrequency": 297.921,
	"Manufacturer": "GE",
	"ManufacturersModelName": "SIGNA_7.0T",
	"InstitutionName": "Iowa_7T",
	"DeviceSerialNumber": "0000000000Iowa7T",
	"StationName": "12341234",
	"BodyPartExamined": "BRAIN",
	"PatientPosition": "HFS",
	"ProcedureStepDescription": "AVATAR",
	"SoftwareVersions": "29_LX_7T29.1_R01_2224.a",
	"MRAcquisitionType": "3D",
	"SeriesDescription": "3D_Sag_T1_MP-RAGE_HyperSense",
	"ProtocolName": "3D_Sag_T1_MP-RAGE_HyperSense",
	"ScanningSequence": "RM_IR",
	"SequenceVariant": "NONE",
	"ScanOptions": "FC_EDR_GEMS_HYPERSENSE_GEMS_FILTERED_GEMS_ACC_GEMS_FSS_GEMS_I",
	"ImageType": ["ORIGINAL", "PRIMARY", "OTHER"],
	"SeriesNumber": 11,
	"AcquisitionTime": "15:20:25.000000",
	"AcquisitionNumber": 1,
	"SliceThickness": 0.69,
	"SpacingBetweenSlices": 0.7,
	"SAR": 0.0510922,
	"EchoTime": 0.003908,
	"RepetitionTime": 3.59997,
	"InversionTime": 1.1,
	"FlipAngle": 8,
	"CoilString": "32x2Head",
	"PercentPhaseFOV": 100,
	"AcquisitionMatrixPE": 320,
	"ReconMatrixPE": 512,
	"PixelBandwidth": 244.141,
	"ImageOrientationPatientDICOM": [
		-0,
		1,
		0,
		-0,
		-0,
		-1	],
	"InPlanePhaseEncodingDirectionDICOM": "ROW",
	"ConversionSoftware": "dcm2niix",
	"ConversionSoftwareVersion": "v1.0.20181125  (JP2:OpenJPEG) GCC9.3.0"
}
