{
    "Modality": "MR",
    "MagneticFieldStrength": 7,
    "ImagingFrequency": 297.923,
    "Manufacturer": "GE",
    "InternalPulseSequenceName": "EPI",
    "ManufacturersModelName": "SIGNA 7.0T",
    "InstitutionName": "Iowa 7T",
    "DeviceSerialNumber": "0000000000Iowa7T",
    "StationName": "12341234",
    "BodyPartExamined": "BRAIN",
    "PatientPosition": "HFS",
    "ProcedureStepDescription": "AVATAR",
    "SoftwareVersions": "29\\LX\\7T29.1_R01_2224.a",
    "MRAcquisitionType": "2D",
    "SeriesDescription": "Avatar Run 6",
    "ProtocolName": "AVATAR",
    "ScanningSequence": "EP\\GR",
    "SequenceVariant": "SS",
    "ScanOptions": "SAT_GEMS\\EDR_GEMS\\MP_GEMS\\EPI_GEMS\\HYPERBAND_GEMS\\ACC_GEMS\\PFF\\FS",
    "PulseSequenceName": "epi",
    "ImageType": [
        "ORIGINAL",
        "PRIMARY",
        "OTHER"
    ],
    "SeriesNumber": 10,
    "AcquisitionTime": "13:27:26.000000",
    "AcquisitionNumber": 1,
    "TriggerDelayTime": 384948,
    "SliceThickness": 2,
    "SpacingBetweenSlices": 2,
    "SAR": 0.0568523,
    "EchoTime": 0.0205,
    "RepetitionTime": 1,
    "FlipAngle": 50,
    "PhaseEncodingPolarityGE": "Unflipped",
    "ShimSetting": [
        8,
        -165,
        -378
    ],
    "PrescanReuseString": "TG/s4,RN/s2,Cal/s5,Coil/s1",
    "CoilString": "32x2Head",
    "MultibandAccelerationFactor": 4,
    "PercentPhaseFOV": 100,
    "PercentSampling": 100,
    "AcquisitionMatrixPE": 110,
    "ReconMatrixPE": 128,
    "ParallelReductionFactorInPlane": 2,
    "EffectiveEchoSpacing": 0.000294488,
    "TotalReadoutTime": 0.0374,
    "PixelBandwidth": 3906.25,
    "PhaseEncodingDirection": "j-",
    "SliceTiming": [
        0,
        0.526316,
        0.0526316,
        0.578947,
        0.105263,
        0.631579,
        0.157895,
        0.684211,
        0.210526,
        0.736842,
        0.263158,
        0.789474,
        0.315789,
        0.842105,
        0.368421,
        0.894737,
        0.421053,
        0.947368,
        0.473684,
        0,
        0.526316,
        0.0526316,
        0.578947,
        0.105263,
        0.631579,
        0.157895,
        0.684211,
        0.210526,
        0.736842,
        0.263158,
        0.789474,
        0.315789,
        0.842105,
        0.368421,
        0.894737,
        0.421053,
        0.947368,
        0.473684,
        0,
        0.526316,
        0.0526316,
        0.578947,
        0.105263,
        0.631579,
        0.157895,
        0.684211,
        0.210526,
        0.736842,
        0.263158,
        0.789474,
        0.315789,
        0.842105,
        0.368421,
        0.894737,
        0.421053,
        0.947368,
        0.473684,
        0,
        0.526316,
        0.0526316,
        0.578947,
        0.105263,
        0.631579,
        0.157895,
        0.684211,
        0.210526,
        0.736842,
        0.263158,
        0.789474,
        0.315789,
        0.842105,
        0.368421,
        0.894737,
        0.421053,
        0.947368
    ],
    "ImageOrientationPatientDICOM": [
        1,
        0,
        0,
        0,
        0.999882,
        -0.0153334
    ],
    "InPlanePhaseEncodingDirectionDICOM": "COL",
    "ConversionSoftware": "dcm2niix",
    "ConversionSoftwareVersion": "v1.0.20220720",
    "Dcm2bidsVersion": "2.1.7",
  	"TaskName": "avatar"
}