{
    "Modality": "MR",
    "MagneticFieldStrength": 7,
    "ImagingFrequency": 297.923,
    "Manufacturer": "GE",
    "ManufacturersModelName": "SIGNA 7.0T",
    "InstitutionName": "Iowa 7T",
    "DeviceSerialNumber": "0000000000Iowa7T",
    "StationName": "12341234",
    "BodyPartExamined": "BRAIN",
    "PatientPosition": "HFS",
    "ProcedureStepDescription": "AVATAR",
    "SoftwareVersions": "29\\LX\\7T29.1_R01_2224.a",
    "MRAcquisitionType": "3D",
    "SeriesDescription": "3D Sag T1 MP-RAGE HyperSense",
    "ProtocolName": "AVATAR",
    "ScanningSequence": "RM\\IR",
    "SequenceVariant": "NONE",
    "ScanOptions": "FC\\EDR_GEMS\\HYPERSENSE_GEMS\\FILTERED_GEMS\\ACC_GEMS\\FSS_GEMS\\IR_GEMS",
    "PulseSequenceName": "MP-RAGE",
    "ImageType": [
        "ORIGINAL",
        "PRIMARY",
        "OTHER"
    ],
    "SeriesNumber": 11,
    "AcquisitionTime": "09:39:3.000000",
    "AcquisitionNumber": 1,
    "SliceThickness": 0.69,
    "SpacingBetweenSlices": 0.7,
    "SAR": 0.0510922,
    "EchoTime": 0.003908,
    "RepetitionTime": 3.59997,
    "InversionTime": 1.1,
    "FlipAngle": 8,
    "ShimSetting": [
        -17,
        -128,
        -528
    ],
    "PrescanReuseString": "TG/s4,RN/s2,Cal/s5,Coil/s1",
    "CoilString": "32x2Head",
    "PercentPhaseFOV": 100,
    "PercentSampling": 100,
    "AcquisitionMatrixPE": 320,
    "ReconMatrixPE": 512,
    "ParallelReductionFactorInPlane": 3,
    "PixelBandwidth": 244.141,
    "ImageOrientationPatientDICOM": [
        0,
        1,
        0,
        0,
        0,
        -1
    ],
    "InPlanePhaseEncodingDirectionDICOM": "ROW",
    "ConversionSoftware": "dcm2niix",
    "ConversionSoftwareVersion": "v1.0.20220720",
    "Dcm2bidsVersion": "2.1.7"
}