{
	"Modality": "MR",
	"MagneticFieldStrength": 7,
	"ImagingFrequency": 297.92,
	"Manufacturer": "GE",
	"ManufacturersModelName": "SIGNA_7.0T",
	"InstitutionName": "Iowa_7T",
	"DeviceSerialNumber": "0000000000Iowa7T",
	"StationName": "12341234",
	"BodyPartExamined": "HEAD",
	"PatientPosition": "HFS",
	"ProcedureStepDescription": "AVATAR",
	"SoftwareVersions": "29_LX_7T29.1_R01_2224.a",
	"MRAcquisitionType": "2D",
	"SeriesDescription": "SE_EPI_REVPE",
	"ProtocolName": "SE_EPI_REVPE",
	"ScanningSequence": "EP_RM",
	"SequenceVariant": "NONE",
	"ScanOptions": "SAT_GEMS_MP_GEMS_EPI_GEMS_ACC_GEMS_PFF_FS",
	"ImageType": ["ORIGINAL", "PRIMARY", "OTHER"],
	"SeriesNumber": 4,
	"AcquisitionTime": "09:52:13.000000",
	"AcquisitionNumber": 1,
	"SliceThickness": 2,
	"SpacingBetweenSlices": 2,
	"SAR": 0.0601915,
	"EchoTime": 0.0434,
	"RepetitionTime": 6,
	"FlipAngle": 90,
	"PhaseEncodingPolarityGE": "Flipped",
	"CoilString": "32x2Head",
	"PercentPhaseFOV": 100,
	"AcquisitionMatrixPE": 110,
	"ReconMatrixPE": 128,
	"EffectiveEchoSpacing": 0.00066,
	"TotalReadoutTime": 0.08382,
	"PixelBandwidth": 3906.25,
	"PhaseEncodingDirection": "j",
	"SliceTiming": [
		0,
		6,
		3,
		9,
		0.158,
		6.158,
		3.158,
		9.158,
		0.316,
		6.316,
		3.316,
		9.316,
		0.474,
		6.474,
		3.474,
		9.474,
		0.632,
		6.632,
		3.632,
		9.632,
		0.79,
		6.79,
		3.79,
		9.79,
		0.948,
		6.948,
		3.948,
		9.948,
		1.106,
		7.106,
		4.106,
		10.106,
		1.264,
		7.264,
		4.264,
		10.264,
		1.421,
		7.421,
		4.421,
		10.421,
		1.579,
		7.579,
		4.579,
		10.579,
		1.737,
		7.737,
		4.737,
		10.737,
		1.895,
		7.895,
		4.895,
		10.895,
		2.053,
		8.053,
		5.053,
		11.053,
		2.211,
		8.211,
		5.211,
		11.211,
		2.369,
		8.369,
		5.369,
		11.369,
		2.527,
		8.527,
		5.527,
		11.527,
		2.685,
		8.685,
		5.685,
		11.685,
		2.843,
		8.843,
		5.843	],
	"ImageOrientationPatientDICOM": [
		1,
		-0,
		0,
		-0,
		0.97087,
		-0.239605	],
	"InPlanePhaseEncodingDirectionDICOM": "COL",
	"ConversionSoftware": "dcm2niix",
	"ConversionSoftwareVersion": "v1.0.20181125  (JP2:OpenJPEG) GCC9.3.0",
	"IntendedFor": [
		"func/sub-130785_task-avatar_run-01_bold.nii.gz",
		"func/sub-130785_task-avatar_run-02_bold.nii.gz",
		"func/sub-130785_task-avatar_run-03_bold.nii.gz",
		"func/sub-130785_task-avatar_run-04_bold.nii.gz",
		"func/sub-130785_task-avatar_run-05_bold.nii.gz",
		"func/sub-130785_task-avatar_run-06_bold.nii.gz"
	]
}
