{
  "Modality": "MR",
  "MagneticFieldStrength": 7,
  "ImagingFrequency": 297.92,
  "Manufacturer": "GE",
  "ManufacturersModelName": "SIGNA_7.0T",
  "InstitutionName": "Iowa_7T",
  "DeviceSerialNumber": "0000000000Iowa7T",
  "StationName": "12341234",
  "BodyPartExamined": "BRAIN",
  "PatientPosition": "HFS",
  "ProcedureStepDescription": "AVATAR",
  "SoftwareVersions": "29_LX_7T29.1_R01_2224.a",
  "MRAcquisitionType": "2D",
  "SeriesDescription": "Avatar_Run_1",
  "ProtocolName": "Avatar_Run_1",
  "ScanningSequence": "EP_GR",
  "SequenceVariant": "SS",
  "ScanOptions": "SAT_GEMS_EDR_GEMS_MP_GEMS_EPI_GEMS_HYPERBAND_GEMS_ACC_GEMS_PF",
  "ImageType": [
    "ORIGINAL",
    "PRIMARY",
    "OTHER"
  ],
  "SeriesNumber": 5,
  "AcquisitionTime": "14:15:32.000000",
  "AcquisitionNumber": 1,
  "SliceThickness": 2,
  "SpacingBetweenSlices": 2,
  "SAR": 0.0568523,
  "EchoTime": 0.0205,
  "RepetitionTime": 1,
  "FlipAngle": 50,
  "PhaseEncodingPolarityGE": "Unflipped",
  "CoilString": "32x2Head",
  "PercentPhaseFOV": 100,
  "AcquisitionMatrixPE": 110,
  "ReconMatrixPE": 128,
  "EffectiveEchoSpacing": 0.00068,
  "TotalReadoutTime": 0.08636,
  "PixelBandwidth": 3906.25,
  "PhaseEncodingDirection": "j-",
  "SliceTiming": [
    0,
    0.526,
    0.053,
    0.579,
    0.105,
    0.632,
    0.158,
    0.684,
    0.211,
    0.737,
    0.263,
    0.79,
    0.316,
    0.842,
    0.369,
    0.895,
    0.421,
    0.948,
    0.474,
    0,
    0.526,
    0.053,
    0.579,
    0.105,
    0.632,
    0.158,
    0.684,
    0.211,
    0.737,
    0.263,
    0.79,
    0.316,
    0.842,
    0.369,
    0.895,
    0.421,
    0.948,
    0.474,
    0,
    0.526,
    0.053,
    0.579,
    0.105,
    0.632,
    0.158,
    0.684,
    0.211,
    0.737,
    0.263,
    0.79,
    0.316,
    0.842,
    0.369,
    0.895,
    0.421,
    0.948,
    0.474,
    0,
    0.526,
    0.053,
    0.579,
    0.105,
    0.632,
    0.158,
    0.684,
    0.211,
    0.737,
    0.263,
    0.79,
    0.316,
    0.842,
    0.369,
    0.895,
    0.421,
    0.948
  ],
  "ImageOrientationPatientDICOM": [
    0.999825,
    -0,
    0.0187047,
    0.00158639,
    0.996397,
    -0.0847981
  ],
  "InPlanePhaseEncodingDirectionDICOM": "COL",
  "ConversionSoftware": "dcm2niix",
  "ConversionSoftwareVersion": "v1.0.20181125  (JP2:OpenJPEG) GCC9.3.0",
  "TaskName": "avatar"
}
