{
	"Modality": "MR",
	"MagneticFieldStrength": 7,
	"ImagingFrequency": 297.919,
	"Manufacturer": "GE",
	"ManufacturersModelName": "SIGNA_7.0T",
	"InstitutionName": "Iowa_7T",
	"DeviceSerialNumber": "0000000000Iowa7T",
	"StationName": "12341234",
	"BodyPartExamined": "BRAIN",
	"PatientPosition": "HFS",
	"ProcedureStepDescription": "AVATAR",
	"SoftwareVersions": "29_LX_7T29.1_R01_2224.a",
	"MRAcquisitionType": "3D",
	"SeriesDescription": "3D_Sag_T2_CUBE_FS_HyperSense",
	"ProtocolName": "3D_Sag_T2_CUBE_FS_HyperSense",
	"ScanningSequence": "SE",
	"SequenceVariant": "SK",
	"ScanOptions": "FC_FREQ_AX_GEMS_FC_SAT_GEMS_EDR_GEMS_HYPERSENSE_GEMS_FILTERED_G",
	"ImageType": ["ORIGINAL", "PRIMARY", "OTHER"],
	"SeriesNumber": 12,
	"AcquisitionTime": "16:07:44.000000",
	"AcquisitionNumber": 1,
	"SliceThickness": 0.89,
	"SpacingBetweenSlices": 0.9,
	"SAR": 0.0967,
	"EchoTime": 0.065481,
	"RepetitionTime": 3,
	"FlipAngle": 90,
	"CoilString": "32x2Head",
	"PercentPhaseFOV": 100,
	"EchoTrainLength": 100,
	"AcquisitionMatrixPE": 256,
	"ReconMatrixPE": 256,
	"PixelBandwidth": 488.281,
	"ImageOrientationPatientDICOM": [
		-0,
		1,
		0,
		-0,
		-0,
		-1	],
	"InPlanePhaseEncodingDirectionDICOM": "ROW",
	"ConversionSoftware": "dcm2niix",
	"ConversionSoftwareVersion": "v1.0.20181125  (JP2:OpenJPEG) GCC9.3.0"
}
