{
    "Modality": "MR",
    "MagneticFieldStrength": 7,
    "ImagingFrequency": 297.923,
    "Manufacturer": "GE",
    "InternalPulseSequenceName": "EPI",
    "ManufacturersModelName": "SIGNA 7.0T",
    "InstitutionName": "Iowa 7T",
    "DeviceSerialNumber": "0000000000Iowa7T",
    "StationName": "12341234",
    "BodyPartExamined": "HEAD",
    "PatientPosition": "HFS",
    "ProcedureStepDescription": "AVATAR",
    "SoftwareVersions": "29\\LX\\7T29.1_R01_2224.a",
    "MRAcquisitionType": "2D",
    "SeriesDescription": "SE EPI REVPE",
    "ProtocolName": "AVATAR",
    "ScanningSequence": "EP\\RM",
    "SequenceVariant": "NONE",
    "ScanOptions": "SAT_GEMS\\MP_GEMS\\EPI_GEMS\\ACC_GEMS\\PFF\\FS",
    "PulseSequenceName": "epialt",
    "ImageType": [
        "ORIGINAL",
        "PRIMARY",
        "OTHER"
    ],
    "SeriesNumber": 4,
    "AcquisitionTime": "12:03:9.000000",
    "AcquisitionNumber": 1,
    "TriggerDelayTime": 32960,
    "SliceThickness": 2,
    "SpacingBetweenSlices": 2,
    "SAR": 0.118798,
    "EchoTime": 0.0434,
    "RepetitionTime": 6,
    "FlipAngle": 90,
    "PhaseEncodingPolarityGE": "Flipped",
    "ShimSetting": [
        -8,
        -79,
        -381
    ],
    "PrescanReuseString": "RN/s1,Cal/s3,Coil/s1",
    "CoilString": "32x2Head",
    "PercentPhaseFOV": 100,
    "PercentSampling": 100,
    "AcquisitionMatrixPE": 110,
    "ReconMatrixPE": 128,
    "ParallelReductionFactorInPlane": 2,
    "EffectiveEchoSpacing": 0.000285827,
    "TotalReadoutTime": 0.0363,
    "PixelBandwidth": 3906.25,
    "PhaseEncodingDirection": "j",
    "SliceTiming": [
        0,
        3.04,
        0.08,
        3.12,
        0.16,
        3.2,
        0.24,
        3.28,
        0.32,
        3.36,
        0.4,
        3.44,
        0.48,
        3.52,
        0.56,
        3.6,
        0.64,
        3.68,
        0.72,
        3.76,
        0.8,
        3.84,
        0.88,
        3.92,
        0.96,
        4,
        1.04,
        4.08,
        1.12,
        4.16,
        1.2,
        4.24,
        1.28,
        4.32,
        1.36,
        4.4,
        1.44,
        4.48,
        1.52,
        4.56,
        1.6,
        4.64,
        1.68,
        4.72,
        1.76,
        4.8,
        1.84,
        4.88,
        1.92,
        4.96,
        2,
        5.04,
        2.08,
        5.12,
        2.16,
        5.2,
        2.24,
        5.28,
        2.32,
        5.36,
        2.4,
        5.44,
        2.48,
        5.52,
        2.56,
        5.6,
        2.64,
        5.68,
        2.72,
        5.76,
        2.8,
        5.84,
        2.88,
        5.92,
        2.96
    ],
    "ImageOrientationPatientDICOM": [
        1,
        0,
        0,
        0,
        0.999997,
        0.00227318
    ],
    "InPlanePhaseEncodingDirectionDICOM": "COL",
    "ConversionSoftware": "dcm2niix",
    "ConversionSoftwareVersion": "v1.0.20220720",
    "Dcm2bidsVersion": "2.1.7",
    "IntendedFor": [
        "func/sub-840914_task-avatar_run-01_bold.nii.gz",
        "func/sub-840914_task-avatar_run-02_bold.nii.gz",
        "func/sub-840914_task-avatar_run-03_bold.nii.gz",
        "func/sub-840914_task-avatar_run-04_bold.nii.gz",
        "func/sub-840914_task-avatar_run-05_bold.nii.gz",
        "func/sub-840914_task-avatar_run-06_bold.nii.gz"
    ]
}