{
    "Modality": "MR",
    "MagneticFieldStrength": 7,
    "ImagingFrequency": 297.923,
    "Manufacturer": "GE",
    "ManufacturersModelName": "SIGNA 7.0T",
    "InstitutionName": "Iowa 7T",
    "DeviceSerialNumber": "0000000000Iowa7T",
    "StationName": "12341234",
    "BodyPartExamined": "BRAIN",
    "PatientPosition": "HFS",
    "ProcedureStepDescription": "AVATAR",
    "SoftwareVersions": "29\\LX\\7T29.1_R01_2224.a",
    "MRAcquisitionType": "3D",
    "SeriesDescription": "3D Sag T2 CUBE FS HyperSense",
    "ProtocolName": "AVATAR",
    "ScanningSequence": "SE",
    "SequenceVariant": "SK",
    "ScanOptions": "FC_FREQ_AX_GEMS\\FC\\SAT_GEMS\\EDR_GEMS\\HYPERSENSE_GEMS\\FILTERED_GEMS\\ACC_GEMS\\FS\\FSS_GEMS\\FR_GEMS",
    "PulseSequenceName": "Cube",
    "ImageType": [
        "ORIGINAL",
        "PRIMARY",
        "OTHER"
    ],
    "SeriesNumber": 12,
    "AcquisitionTime": "13:39:21.000000",
    "AcquisitionNumber": 1,
    "SliceThickness": 0.89,
    "SpacingBetweenSlices": 0.9,
    "SAR": 0.0967,
    "EchoTime": 0.064995,
    "RepetitionTime": 3,
    "FlipAngle": 90,
    "ShimSetting": [
        7,
        -207,
        -444
    ],
    "PrescanReuseString": "TG/s4,RN/s2,Cal/s5,Coil/s1",
    "CoilString": "32x2Head",
    "PercentPhaseFOV": 100,
    "PercentSampling": 100,
    "EchoTrainLength": 100,
    "AcquisitionMatrixPE": 256,
    "ReconMatrixPE": 256,
    "ParallelReductionFactorInPlane": 2.5,
    "PixelBandwidth": 488.281,
    "PhaseEncodingAxis": "i",
    "ImageOrientationPatientDICOM": [
        0,
        1,
        0,
        0,
        0,
        -1
    ],
    "InPlanePhaseEncodingDirectionDICOM": "ROW",
    "ConversionSoftware": "dcm2niix",
    "ConversionSoftwareVersion": "v1.0.20220720",
    "Dcm2bidsVersion": "2.1.7"
}